GIT
  remote: git://github.com/nicksieger/rack_jruby_profiling.git
  revision: aa95b4899611d67bdecb563b2f2e9a23291ad0ab
  specs:
    rack_jruby_profiling (1.0.0)

GEM
  remote: http://rubygems.org/
  specs:
    actionmailer (2.3.12)
      actionpack (= 2.3.12)
    actionpack (2.3.12)
      activesupport (= 2.3.12)
      rack (~> 1.1.0)
    activerecord (2.3.12)
      activesupport (= 2.3.12)
    activerecord-jdbc-adapter (1.1.3)
    activeresource (2.3.12)
      activesupport (= 2.3.12)
    activesupport (2.3.12)
    bouncy-castle-java (1.5.0146.1)
    coderay (0.9.8)
    hoe (2.10.0)
      rake (~> 0.8)
    i18n (0.4.2)
    jdbc-mysql (5.1.13)
    jruby-openssl (0.7.4)
      bouncy-castle-java
    jruby-rack (1.0.9)
    newrelic_rpm (3.1.1)
    rack (1.1.2)
    rails (2.3.12)
      actionmailer (= 2.3.12)
      actionpack (= 2.3.12)
      activerecord (= 2.3.12)
      activeresource (= 2.3.12)
      activesupport (= 2.3.12)
      rake (>= 0.8.3)
    rake (0.9.2)
    rdoc (3.9.1)
    rubytree (0.5.2)
      hoe (>= 1.3.0)
    stickshift (1.0.0)
    trinidad (1.2.1)
      jruby-rack (>= 1.0.9)
      trinidad_jars (>= 1.0.1)
    trinidad_jars (1.0.1)

PLATFORMS
  java

DEPENDENCIES
  activerecord-jdbc-adapter
  coderay (~> 0.9.7)
  i18n (= 0.4.2)
  jdbc-mysql
  jruby-openssl
  jruby-rack (= 1.0.9)
  mysql
  newrelic_rpm
  rack_jruby_profiling!
  rails (= 2.3.12)
  rdoc
  rubytree (= 0.5.2)
  stickshift
  trinidad (= 1.2.1)
  trinidad_jars (= 1.0.1)
