GEM
  remote: http://rubygems.org/
  specs:
    actionmailer (2.3.11)
      actionpack (= 2.3.11)
    actionpack (2.3.11)
      activesupport (= 2.3.11)
      rack (~> 1.1.0)
    activerecord (2.3.11)
      activesupport (= 2.3.11)
    activerecord-jdbc-adapter (1.1.1)
    activeresource (2.3.11)
      activesupport (= 2.3.11)
    activesupport (2.3.11)
    bouncy-castle-java (1.5.0146.1)
    coderay (0.9.8)
    hoe (2.9.4)
      rake (>= 0.8.7)
    i18n (0.4.2)
    jdbc-mysql (5.1.13)
    jruby-openssl (0.7.4)
      bouncy-castle-java
    jruby-rack (1.0.9)
    mysql (2.8.1)
    rack (1.1.2)
    rails (2.3.11)
      actionmailer (= 2.3.11)
      actionpack (= 2.3.11)
      activerecord (= 2.3.11)
      activeresource (= 2.3.11)
      activesupport (= 2.3.11)
      rake (>= 0.8.3)
    rake (0.9.2)
    rubytree (0.5.2)
      hoe (>= 1.3.0)
    trinidad (1.2.0)
      jruby-rack (>= 1.0.9)
      trinidad_jars (>= 1.0.1)
    trinidad_jars (1.0.1)

PLATFORMS
  java
  ruby

DEPENDENCIES
  activerecord-jdbc-adapter
  coderay (~> 0.9.7)
  i18n (= 0.4.2)
  jdbc-mysql
  jruby-openssl
  jruby-rack (= 1.0.9)
  mysql
  rails (= 2.3.11)
  rubytree (= 0.5.2)
  trinidad (= 1.2.0)
  trinidad_jars (= 1.0.1)
