GEM
  remote: http://rubygems.org/
  specs:
    actionmailer (2.3.5)
      actionpack (= 2.3.5)
    actionpack (2.3.5)
      activesupport (= 2.3.5)
      rack (~> 1.0.0)
    activerecord (2.3.5)
      activesupport (= 2.3.5)
    activerecord-jdbc-adapter (0.9.7-java)
    activeresource (2.3.5)
      activesupport (= 2.3.5)
    activesupport (2.3.5)
    bouncy-castle-java (1.5.0145.2)
    hoe (2.6.1)
      rake (>= 0.8.7)
      rubyforge (>= 2.0.4)
    jdbc-mysql (5.0.4)
    jruby-openssl (0.7.1)
      bouncy-castle-java
    json_pure (1.4.6)
    rack (1.0.1)
    rails (2.3.5)
      actionmailer (= 2.3.5)
      actionpack (= 2.3.5)
      activerecord (= 2.3.5)
      activeresource (= 2.3.5)
      activesupport (= 2.3.5)
      rake (>= 0.8.3)
    rake (0.8.7)
    rubyforge (2.0.4)
      json_pure (>= 1.1.7)
    rubytree (0.5.2)
      hoe (>= 1.3.0)

PLATFORMS
  java

DEPENDENCIES
  activerecord-jdbc-adapter
  jdbc-mysql
  jruby-openssl
  rails (= 2.3.5)
  rubytree (= 0.5.2)
